NUGET
  remote: https://nuget.org/api/v2
  specs:
    CommonServiceLocator (1.3)
    DotLiquid (1.8.0)
    DotLiquid.Mailer (1.0.0)
      DotLiquid (>= 1.8.0)
    DotLiquid.Modules (0.6.0)
      DotLiquid (>= 1.7.0)
      QuickGraph (>= 3.6.61119.7)
    DotNetZip (1.9.7) - framework: >= net40
    ExtSharper (0.1.6)
    FAKE (4.7.2)
    Fancy (0.2.0)
      Nancy (0.21.1)
    FSharp.Core (4.0.0.1)
    IntelliFactory.Build (0.1.15)
      DotNetZip  - framework: >= net40
      NuGet.Core  - framework: >= net40
    IntelliFactory.Reactive (3.6.4.65)
      WebSharper (>= 3.6.2.220)
    IntelliFactory.Xml (0.6.63.95)
    Microsoft.Owin (3.0.1)
      Owin (>= 1.0)
    Microsoft.Web.Xdt (2.1.1) - framework: >= net40
    Mono.Cecil (0.9.6.1)
    Nancy (0.21.1)
    Nancy.Viewengines.DotLiquid (0.21.1)
      DotLiquid (>= 1.7 < 2.0)
      Nancy (>= 0.21.1)
    NuGet.Core (2.10.1) - framework: >= net40
      Microsoft.Web.Xdt (>= 2.1.0)
    Owin (1.0)
    QuickGraph (3.6.61119.7)
    sharpcompress (0.11.2)
    Suave (0.33.0)
      FSharp.Core (>= 3.1.2.5)
    Suave.DotLiquid (0.33.0)
      DotLiquid (>= 1.8.0)
      FSharp.Core (>= 3.1.2.5)
      Suave (>= 0.33.0)
    WebSharper (3.6.6.225)
    WebSharper.Formlets (3.6.4.71)
      IntelliFactory.Reactive (>= 3.6.4.65)
      WebSharper (>= 3.6.6.225)
      WebSharper.Html (>= 3.6.5.16)
    WebSharper.Forms (3.6.4.42-alpha)
      WebSharper (>= 3.6.6.225)
      WebSharper.UI.Next (>= 3.6.5.201)
    WebSharper.Html (3.6.5.16)
      IntelliFactory.Xml
      WebSharper (>= 3.6.6.225)
    WebSharper.Owin (3.6.3.118)
      Microsoft.Owin (>= 3.0.1)
      Owin (>= 1.0)
      WebSharper (>= 3.6.6.225)
    WebSharper.Owin.WebSocket (3.6.4.43)
      CommonServiceLocator (>= 1.3)
      Microsoft.Owin (>= 3.0.1)
      Owin (>= 1.0)
      WebSharper (>= 3.6.6.225)
      WebSharper.Owin (>= 3.6.3.118)
    WebSharper.Piglets (3.6.3.268)
      IntelliFactory.Reactive (>= 3.6.4.65)
      WebSharper (>= 3.6.6.225)
      WebSharper.Html (>= 3.6.5.16)
    WebSharper.Suave (3.6.3.26)
      Mono.Cecil (>= 0.9.6.1)
      Suave (>= 0.33.0)
      WebSharper (>= 3.6.6.225)
      WebSharper.Owin (>= 3.6.3.118)
    WebSharper.Templates (3.6.4.46)
      sharpcompress
    WebSharper.Testing (3.6.6.225)
      WebSharper (>= 3.6.6.225)
    WebSharper.UI.Next (3.6.5.201)
      WebSharper (>= 3.6.6.225)
    WebSharper.UI.Next.Formlets (3.6.4.38-alpha)
      WebSharper (>= 3.6.6.225)
      WebSharper.UI.Next (>= 3.6.5.201)
