NUGET
  remote: https://www.nuget.org/api/v2
    Argu (3.7)
      FSharp.Core (>= 4.0.1.7-alpha) - framework: >= net463, >= netstandard16
      NETStandard.Library (>= 1.6) - framework: >= net463, >= netstandard16
      System.Xml.XDocument (>= 4.0.11) - framework: >= net463, >= netstandard16
    CommonServiceLocator (1.3)
    DotLiquid (1.8)
    DotLiquid.Mailer (1.0)
      DotLiquid (>= 1.8)
    DotLiquid.Modules (0.6)
      DotLiquid (>= 1.7)
      QuickGraph (>= 3.6.61119.7)
    DotNetZip (1.9.7) - framework: >= net40
    Expecto (5.0.1)
      Argu (>= 3.7)
      FSharp.Core (>= 4.1.12) - framework: >= net10, netstandard10, netstandard11, netstandard12, netstandard13, netstandard14, netstandard15
      FSharp.Core (>= 4.1.18) - framework: >= netstandard16
      Mono.Cecil (>= 0.10.0-beta5)
      NETStandard.Library (>= 1.6.1) - framework: >= netstandard16
      System.Diagnostics.FileVersionInfo (>= 4.3) - framework: >= netstandard16
      System.Diagnostics.TraceSource (>= 4.3) - framework: >= netstandard16
      System.Linq.Parallel (>= 4.3) - framework: >= netstandard16
    ExtSharper (0.1.6)
    FAKE (4.7.2)
    Fancy (0.2)
      Nancy (0.21.1)
    FParsec (1.0.3)
      FSharp.Core (>= 4.0.0.1) - framework: >= net40
      FSharp.Core (>= 4.2.3) - framework: >= netstandard16
      NETStandard.Library (>= 1.6.1) - framework: >= netstandard16
    FSharp.Core (4.2.3)
      System.Collections (>= 4.0.11) - framework: >= netstandard16
      System.Console (>= 4.0) - framework: >= netstandard16
      System.Diagnostics.Debug (>= 4.0.11) - framework: >= netstandard16
      System.Diagnostics.Tools (>= 4.0.1) - framework: >= netstandard16
      System.Globalization (>= 4.0.11) - framework: >= netstandard16
      System.IO (>= 4.1) - framework: >= netstandard16
      System.Linq (>= 4.1) - framework: >= netstandard16
      System.Linq.Expressions (>= 4.1) - framework: >= netstandard16
      System.Linq.Queryable (>= 4.0.1) - framework: >= netstandard16
      System.Net.Requests (>= 4.0.11) - framework: >= netstandard16
      System.Reflection (>= 4.1) - framework: >= netstandard16
      System.Reflection.Extensions (>= 4.0.1) - framework: >= netstandard16
      System.Resources.ResourceManager (>= 4.0.1) - framework: >= netstandard16
      System.Runtime (>= 4.1) - framework: >= netstandard16
      System.Runtime.Extensions (>= 4.1) - framework: >= netstandard16
      System.Runtime.Numerics (>= 4.0.1) - framework: >= netstandard16
      System.Text.RegularExpressions (>= 4.1) - framework: >= netstandard16
      System.Threading (>= 4.0.11) - framework: >= netstandard16
      System.Threading.Tasks (>= 4.0.11) - framework: >= netstandard16
      System.Threading.Tasks.Parallel (>= 4.0.1) - framework: >= netstandard16
      System.Threading.Thread (>= 4.0) - framework: >= netstandard16
      System.Threading.ThreadPool (>= 4.0.10) - framework: >= netstandard16
      System.Threading.Timer (>= 4.0.1) - framework: >= netstandard16
    Hopac (0.3.23)
      FSharp.Core (>= 3.1.2.5) - framework: >= net10, netstandard10, netstandard11, netstandard12, netstandard13, netstandard14, netstandard15
      FSharp.Core (>= 4.0.1.7-alpha) - framework: >= netstandard16
      NETStandard.Library (>= 1.6) - framework: >= netstandard16
    IntelliFactory.Build (0.1.15)
      DotNetZip  - framework: >= net40
      NuGet.Core  - framework: >= net40
    IntelliFactory.Reactive (3.6.4.65)
      WebSharper (>= 3.6.2.220)
    IntelliFactory.Xml (0.6.63.95)
    Logary (4.2.1)
      FParsec (>= 1.0.2)
      FSharp.Core (>= 4.0.0.1)
      Hopac (>= 0.3.23)
      NodaTime (>= 1.3.2)
    Logary.Adapters.Suave (4.0.200)
      FSharp.Core (>= 4.0.0.1)
      Hopac (>= 0.3.23)
      Logary (>= 4.0.200)
      NodaTime (>= 1.3.2)
      Suave (>= 1.1.3)
    Logary.Services.SuaveReporter (4.2.1)
      FParsec (>= 1.0.2)
      FSharp.Core (>= 4.0.0.1)
      Hopac (>= 0.3.23)
      Logary (>= 4.2.1)
      NodaTime (>= 1.3.2)
      Suave (>= 2.2.1)
    Microsoft.CSharp (4.4) - framework: netstandard10, >= netstandard13
      NETStandard.Library (>= 1.6.1) - framework: dnxcore50, netstandard10, netstandard13
      System.Dynamic.Runtime (>= 4.3) - framework: dnxcore50, netstandard10, netstandard13
      System.Reflection.TypeExtensions (>= 4.3) - framework: dnxcore50, netstandard13
    Microsoft.NETCore.Platforms (2.0) - framework: >= net10, netstandard10, >= netstandard13, netstandard14, netstandard15
    Microsoft.NETCore.Targets (2.0) - framework: >= net10, netstandard10, >= netstandard13, netstandard14, netstandard15
    Microsoft.Owin (3.0.1)
      Owin (>= 1.0)
    Microsoft.Web.Xdt (2.1.1) - framework: >= net40
    Microsoft.Win32.Primitives (4.3) - framework: net46, >= net463, >= netstandard13
      Microsoft.NETCore.Platforms (>= 1.1) - framework: >= netstandard13
      Microsoft.NETCore.Targets (>= 1.1) - framework: >= netstandard13
      System.Runtime (>= 4.3) - framework: >= netstandard13
    Microsoft.Win32.Registry (4.4) - framework: >= netstandard16
      System.Security.AccessControl (>= 4.4) - framework: >= net461, >= netstandard16, monoandroid, monotouch, xamarinios, xamarinmac
      System.Security.Principal.Windows (>= 4.4) - framework: >= net461, >= netstandard16, monoandroid, monotouch, xamarinios, xamarinmac
    Mono.Cecil (0.10.0-beta6)
      System.Collections (>= 4.0.11) - framework: >= netstandard13
      System.IO.FileSystem (>= 4.0.1) - framework: >= netstandard13
      System.IO.FileSystem.Primitives (>= 4.0.1) - framework: >= netstandard13
      System.Reflection (>= 4.1) - framework: >= netstandard13
      System.Runtime.Extensions (>= 4.1) - framework: >= netstandard13
      System.Security.Cryptography.Algorithms (>= 4.2) - framework: >= netstandard13
      System.Security.Cryptography.Csp (>= 4.0) - framework: >= netstandard13
      System.Threading (>= 4.0.11) - framework: >= netstandard13
    Nancy (0.21.1)
    Nancy.Viewengines.DotLiquid (0.21.1)
      DotLiquid (>= 1.7 < 2.0)
      Nancy (>= 0.21.1)
    NETStandard.Library (2.0) - framework: >= net463, netstandard10, >= netstandard13
      Microsoft.NETCore.Platforms (>= 1.1)
      Microsoft.Win32.Primitives (>= 4.3) - framework: net46, uap100, >= netstandard13
      System.AppContext (>= 4.3) - framework: net46, uap100, >= netstandard13
      System.Collections (>= 4.3) - framework: uap100, >= netstandard10
      System.Collections.Concurrent (>= 4.3) - framework: uap100, >= netstandard11
      System.Console (>= 4.3) - framework: net46, uap100, >= netstandard13
      System.Diagnostics.Debug (>= 4.3) - framework: uap100, >= netstandard10
      System.Diagnostics.Tools (>= 4.3) - framework: uap100, >= netstandard10
      System.Diagnostics.Tracing (>= 4.3) - framework: uap100, >= netstandard11
      System.Globalization (>= 4.3) - framework: uap100, >= netstandard10
      System.Globalization.Calendars (>= 4.3) - framework: net46, uap100, >= netstandard13
      System.IO (>= 4.3) - framework: uap100, >= netstandard10
      System.IO.Compression (>= 4.3) - framework: net46, uap100, >= netstandard11
      System.IO.Compression.ZipFile (>= 4.3) - framework: net46, uap100, >= netstandard13
      System.IO.FileSystem (>= 4.3) - framework: net46, uap100, >= netstandard13
      System.IO.FileSystem.Primitives (>= 4.3) - framework: net46, uap100, >= netstandard13
      System.Linq (>= 4.3) - framework: uap100, >= netstandard10
      System.Linq.Expressions (>= 4.3) - framework: uap100, >= netstandard10
      System.Net.Http (>= 4.3.2) - framework: net46, uap100, >= netstandard11
      System.Net.Primitives (>= 4.3) - framework: uap100, >= netstandard10
      System.Net.Sockets (>= 4.3) - framework: net46, uap100, >= netstandard13
      System.ObjectModel (>= 4.3) - framework: uap100, >= netstandard10
      System.Reflection (>= 4.3) - framework: uap100, >= netstandard10
      System.Reflection.Extensions (>= 4.3) - framework: uap100, >= netstandard10
      System.Reflection.Primitives (>= 4.3) - framework: uap100, >= netstandard10
      System.Resources.ResourceManager (>= 4.3) - framework: uap100, >= netstandard10
      System.Runtime (>= 4.3) - framework: uap100, >= netstandard10
      System.Runtime.Extensions (>= 4.3) - framework: uap100, >= netstandard10
      System.Runtime.Handles (>= 4.3) - framework: uap100, >= netstandard13
      System.Runtime.InteropServices (>= 4.3) - framework: uap100, >= netstandard11
      System.Runtime.InteropServices.RuntimeInformation (>= 4.3) - framework: net45, net451, net46, uap100, >= netstandard11, portable45-net45+win8+wpa81, portable46-net451+win81+wpa81, wpav8.1
      System.Runtime.Numerics (>= 4.3) - framework: uap100, >= netstandard11
      System.Security.Cryptography.Algorithms (>= 4.3) - framework: net46, uap100, >= netstandard13
      System.Security.Cryptography.Encoding (>= 4.3) - framework: net46, uap100, >= netstandard13
      System.Security.Cryptography.Primitives (>= 4.3) - framework: net46, uap100, >= netstandard13
      System.Security.Cryptography.X509Certificates (>= 4.3) - framework: net46, uap100, >= netstandard13
      System.Text.Encoding (>= 4.3) - framework: uap100, >= netstandard10
      System.Text.Encoding.Extensions (>= 4.3) - framework: uap100, >= netstandard10
      System.Text.RegularExpressions (>= 4.3) - framework: uap100, >= netstandard10
      System.Threading (>= 4.3) - framework: uap100, >= netstandard10
      System.Threading.Tasks (>= 4.3) - framework: uap100, >= netstandard10
      System.Threading.Timer (>= 4.3) - framework: uap100, >= netstandard12
      System.Xml.ReaderWriter (>= 4.3) - framework: net46, uap100, >= netstandard10
      System.Xml.XDocument (>= 4.3) - framework: uap100, >= netstandard10
    Newtonsoft.Json (10.0.3)
      Microsoft.CSharp (>= 4.3) - framework: netstandard10, >= netstandard13
      NETStandard.Library (>= 1.6.1) - framework: netstandard10, >= netstandard13
      System.ComponentModel.TypeConverter (>= 4.3) - framework: netstandard10, >= netstandard13
      System.Runtime.Serialization.Formatters (>= 4.3) - framework: >= netstandard13
      System.Runtime.Serialization.Primitives (>= 4.3) - framework: netstandard10, >= netstandard13
      System.Xml.XmlDocument (>= 4.3) - framework: >= netstandard13
    NodaTime (2.2)
      NETStandard.Library (>= 1.6.1) - framework: >= netstandard13
      System.Runtime.Serialization.Xml (>= 4.1.1) - framework: >= netstandard13
    NuGet.Core (2.10.1) - framework: >= net40
      Microsoft.Web.Xdt (>= 2.1)
    Owin (1.0)
    QuickGraph (3.6.61119.7)
    runtime.debian.8-x64.runtime.native.System.Security.Cryptography.OpenSsl (4.3.2) - framework: >= net10, >= netstandard13, netstandard14
    runtime.fedora.23-x64.runtime.native.System.Security.Cryptography.OpenSsl (4.3.2) - framework: >= net10, >= netstandard13, netstandard14
    runtime.fedora.24-x64.runtime.native.System.Security.Cryptography.OpenSsl (4.3.2) - framework: >= net10, >= netstandard13, netstandard14
    runtime.native.System (4.3) - framework: >= net10, >= netstandard13
      Microsoft.NETCore.Platforms (>= 1.1)
      Microsoft.NETCore.Targets (>= 1.1)
    runtime.native.System.IO.Compression (4.3.1) - framework: net46, >= net463, >= netstandard13
      Microsoft.NETCore.Platforms (>= 1.1)
      Microsoft.NETCore.Targets (>= 1.1.1)
    runtime.native.System.Net.Http (4.3) - framework: >= net10, >= netstandard16
      Microsoft.NETCore.Platforms (>= 1.1)
      Microsoft.NETCore.Targets (>= 1.1)
    runtime.native.System.Net.Security (4.3) - framework: >= netstandard16
      Microsoft.NETCore.Platforms (>= 1.1)
      Microsoft.NETCore.Targets (>= 1.1)
    runtime.native.System.Security.Cryptography.Apple (4.3.1) - framework: >= net10, >= netstandard16
      runtime.osx.10.10-x64.runtime.native.System.Security.Cryptography.Apple (>= 4.3.1)
    runtime.native.System.Security.Cryptography.OpenSsl (4.3.2) - framework: >= net10, >= netstandard13, netstandard14
      runtime.debian.8-x64.runtime.native.System.Security.Cryptography.OpenSsl (>= 4.3.2)
      runtime.fedora.23-x64.runtime.native.System.Security.Cryptography.OpenSsl (>= 4.3.2)
      runtime.fedora.24-x64.runtime.native.System.Security.Cryptography.OpenSsl (>= 4.3.2)
      runtime.opensuse.13.2-x64.runtime.native.System.Security.Cryptography.OpenSsl (>= 4.3.2)
      runtime.opensuse.42.1-x64.runtime.native.System.Security.Cryptography.OpenSsl (>= 4.3.2)
      runtime.osx.10.10-x64.runtime.native.System.Security.Cryptography.OpenSsl (>= 4.3.2)
      runtime.rhel.7-x64.runtime.native.System.Security.Cryptography.OpenSsl (>= 4.3.2)
      runtime.ubuntu.14.04-x64.runtime.native.System.Security.Cryptography.OpenSsl (>= 4.3.2)
      runtime.ubuntu.16.04-x64.runtime.native.System.Security.Cryptography.OpenSsl (>= 4.3.2)
      runtime.ubuntu.16.10-x64.runtime.native.System.Security.Cryptography.OpenSsl (>= 4.3.2)
    runtime.opensuse.13.2-x64.runtime.native.System.Security.Cryptography.OpenSsl (4.3.2) - framework: >= net10, >= netstandard13, netstandard14
    runtime.opensuse.42.1-x64.runtime.native.System.Security.Cryptography.OpenSsl (4.3.2) - framework: >= net10, >= netstandard13, netstandard14
    runtime.osx.10.10-x64.runtime.native.System.Security.Cryptography.Apple (4.3.1) - framework: >= net10, >= netstandard16
    runtime.osx.10.10-x64.runtime.native.System.Security.Cryptography.OpenSsl (4.3.2) - framework: >= net10, >= netstandard13, netstandard14
    runtime.rhel.7-x64.runtime.native.System.Security.Cryptography.OpenSsl (4.3.2) - framework: >= net10, >= netstandard13, netstandard14
    runtime.ubuntu.14.04-x64.runtime.native.System.Security.Cryptography.OpenSsl (4.3.2) - framework: >= net10, >= netstandard13, netstandard14
    runtime.ubuntu.16.04-x64.runtime.native.System.Security.Cryptography.OpenSsl (4.3.2) - framework: >= net10, >= netstandard13, netstandard14
    runtime.ubuntu.16.10-x64.runtime.native.System.Security.Cryptography.OpenSsl (4.3.2) - framework: >= net10, >= netstandard13, netstandard14
    sharpcompress (0.11.2)
    Suave (2.2.1)
      FSharp.Core (>= 4.0.0.1) - framework: >= net10, netstandard10, netstandard11, netstandard12, netstandard13, netstandard14, netstandard15
      FSharp.Core (>= 4.1.17) - framework: >= netstandard16
      NETStandard.Library (>= 1.6.1) - framework: >= netstandard16
      System.Data.Common (>= 4.1) - framework: >= netstandard16
      System.Diagnostics.Process (>= 4.1) - framework: >= netstandard16
      System.Globalization.Extensions (>= 4.3) - framework: >= netstandard16
      System.Net.Security (>= 4.0) - framework: >= netstandard16
      System.Runtime.Serialization.Json (>= 4.0.2) - framework: >= netstandard16
      System.Security.Claims (>= 4.0.1) - framework: >= netstandard16
      System.Security.Cryptography.Primitives (>= 4.3) - framework: >= netstandard16
    Suave.DotLiquid (0.33)
      DotLiquid (>= 1.8)
      FSharp.Core (>= 3.1.2.5)
      Suave (>= 0.33)
    Suave.OpenSSL (2.2.1)
      FSharp.Core (>= 4.0.0.1)
      Suave (>= 2.2.1)
    Suave.RouteTypeProvider (0.0.3-alpha)
      FSharp.Core
      Newtonsoft.Json (>= 9.0.1)
      Suave (>= 1.1.3)
    Suave.Testing (2.2.1)
      Expecto (>= 4.0.3)
      FSharp.Core (>= 4.0.0.1)
      Suave (>= 2.2.1)
    System.AppContext (4.3) - framework: net46, >= net463, >= netstandard13
      System.Runtime (>= 4.3) - framework: dnxcore50, netstandard13, >= netstandard16
    System.Buffers (4.4) - framework: net46, >= net463, >= netstandard13
    System.Collections (4.3) - framework: >= net10, netstandard10, >= netstandard13, netstandard14
      Microsoft.NETCore.Platforms (>= 1.1) - framework: dnxcore50, netstandard10, >= netstandard13
      Microsoft.NETCore.Targets (>= 1.1) - framework: dnxcore50, netstandard10, >= netstandard13
      System.Runtime (>= 4.3) - framework: dnxcore50, netstandard10, >= netstandard13
    System.Collections.Concurrent (4.3) - framework: >= net10, >= netstandard13, netstandard14
      System.Collections (>= 4.3) - framework: dnxcore50, >= netstandard13
      System.Diagnostics.Debug (>= 4.3) - framework: dnxcore50, >= netstandard13
      System.Diagnostics.Tracing (>= 4.3) - framework: dnxcore50, >= netstandard13
      System.Globalization (>= 4.3) - framework: dnxcore50, >= netstandard13
      System.Reflection (>= 4.3) - framework: >= netstandard13
      System.Resources.ResourceManager (>= 4.3) - framework: dnxcore50, >= netstandard13
      System.Runtime (>= 4.3) - framework: dnxcore50, netstandard11, >= netstandard13
      System.Runtime.Extensions (>= 4.3) - framework: dnxcore50, >= netstandard13
      System.Threading (>= 4.3) - framework: dnxcore50, >= netstandard13
      System.Threading.Tasks (>= 4.3) - framework: dnxcore50, netstandard11, >= netstandard13
    System.Collections.Immutable (1.4) - framework: >= netstandard16
    System.Collections.NonGeneric (4.3) - framework: >= netstandard15
      System.Diagnostics.Debug (>= 4.3) - framework: >= netstandard13
      System.Globalization (>= 4.3) - framework: >= netstandard13
      System.Resources.ResourceManager (>= 4.3) - framework: >= netstandard13
      System.Runtime (>= 4.3) - framework: >= netstandard13
      System.Runtime.Extensions (>= 4.3) - framework: >= netstandard13
      System.Threading (>= 4.3) - framework: >= netstandard13
    System.Collections.Specialized (4.3) - framework: >= netstandard15
      System.Collections.NonGeneric (>= 4.3) - framework: >= netstandard13
      System.Globalization (>= 4.3) - framework: >= netstandard13
      System.Globalization.Extensions (>= 4.3) - framework: >= netstandard13
      System.Resources.ResourceManager (>= 4.3) - framework: >= netstandard13
      System.Runtime (>= 4.3) - framework: >= netstandard13
      System.Runtime.Extensions (>= 4.3) - framework: >= netstandard13
      System.Threading (>= 4.3) - framework: >= netstandard13
    System.ComponentModel (4.3) - framework: netstandard10, >= netstandard15
      System.Runtime (>= 4.3) - framework: dnxcore50, netstandard10, >= netstandard13
    System.ComponentModel.Primitives (4.3) - framework: netstandard10, >= netstandard15
      System.ComponentModel (>= 4.3) - framework: >= netstandard10
      System.Resources.ResourceManager (>= 4.3) - framework: >= netstandard10
      System.Runtime (>= 4.3) - framework: >= netstandard10
    System.ComponentModel.TypeConverter (4.3) - framework: netstandard10, >= netstandard13
      System.Collections (>= 4.3) - framework: netstandard10, >= netstandard15
      System.Collections.NonGeneric (>= 4.3) - framework: >= net462, >= netstandard15
      System.Collections.Specialized (>= 4.3) - framework: >= netstandard15
      System.ComponentModel (>= 4.3) - framework: netstandard10, >= netstandard15
      System.ComponentModel.Primitives (>= 4.3) - framework: net45, >= net462, netstandard10, >= netstandard15, winv4.5, wpv8.0, wpav8.1
      System.Globalization (>= 4.3) - framework: netstandard10, >= netstandard15
      System.Linq (>= 4.3) - framework: >= netstandard15
      System.Reflection (>= 4.3) - framework: netstandard10, >= netstandard15
      System.Reflection.Extensions (>= 4.3) - framework: netstandard10, >= netstandard15
      System.Reflection.Primitives (>= 4.3) - framework: netstandard10, >= netstandard15
      System.Reflection.TypeExtensions (>= 4.3) - framework: >= netstandard15
      System.Resources.ResourceManager (>= 4.3) - framework: netstandard10, >= netstandard15
      System.Runtime (>= 4.3) - framework: netstandard10, >= netstandard15
      System.Runtime.Extensions (>= 4.3) - framework: netstandard10, >= netstandard15
      System.Threading (>= 4.3) - framework: netstandard10, >= netstandard15
    System.Console (4.3) - framework: >= net10, >= netstandard13
      Microsoft.NETCore.Platforms (>= 1.1) - framework: >= netstandard13
      Microsoft.NETCore.Targets (>= 1.1) - framework: >= netstandard13
      System.IO (>= 4.3) - framework: >= netstandard13
      System.Runtime (>= 4.3) - framework: >= netstandard13
      System.Text.Encoding (>= 4.3) - framework: >= netstandard13
    System.Data.Common (4.3) - framework: >= netstandard16
      System.Collections (>= 4.3) - framework: >= netstandard12
      System.Globalization (>= 4.3) - framework: >= netstandard12
      System.IO (>= 4.3) - framework: >= netstandard12
      System.Resources.ResourceManager (>= 4.3) - framework: >= netstandard12
      System.Runtime (>= 4.3) - framework: >= netstandard12
      System.Runtime.Extensions (>= 4.3) - framework: >= netstandard12
      System.Text.RegularExpressions (>= 4.3) - framework: >= netstandard12
      System.Threading.Tasks (>= 4.3) - framework: >= netstandard12
    System.Diagnostics.Debug (4.3) - framework: >= net10, netstandard10, >= netstandard13, netstandard14
      Microsoft.NETCore.Platforms (>= 1.1) - framework: dnxcore50, netstandard10, >= netstandard13
      Microsoft.NETCore.Targets (>= 1.1) - framework: dnxcore50, netstandard10, >= netstandard13
      System.Runtime (>= 4.3) - framework: dnxcore50, netstandard10, >= netstandard13
    System.Diagnostics.DiagnosticSource (4.4.1) - framework: >= net10, netstandard13, >= netstandard16
      System.Collections (>= 4.3) - framework: netstandard11, >= netstandard13
      System.Diagnostics.Debug (>= 4.3) - framework: >= netstandard13
      System.Diagnostics.Tracing (>= 4.3) - framework: netstandard11, >= netstandard13
      System.Reflection (>= 4.3) - framework: netstandard11, >= netstandard13
      System.Runtime (>= 4.3) - framework: netstandard11, >= netstandard13
      System.Runtime.Extensions (>= 4.3) - framework: >= netstandard13
      System.Threading (>= 4.3) - framework: netstandard11, >= netstandard13
    System.Diagnostics.FileVersionInfo (4.3) - framework: >= netstandard16
      Microsoft.NETCore.Platforms (>= 1.1) - framework: dnxcore50, >= netstandard13
      System.Globalization (>= 4.3) - framework: >= netstandard13
      System.IO (>= 4.3) - framework: dnxcore50, >= netstandard13
      System.IO.FileSystem (>= 4.3) - framework: dnxcore50, >= netstandard13
      System.IO.FileSystem.Primitives (>= 4.3) - framework: dnxcore50, >= netstandard13
      System.Reflection.Metadata (>= 1.4.1) - framework: dnxcore50, >= netstandard13
      System.Runtime (>= 4.3) - framework: dnxcore50, >= netstandard13
      System.Runtime.Extensions (>= 4.3) - framework: dnxcore50, >= netstandard13
      System.Runtime.InteropServices (>= 4.3) - framework: >= netstandard13
    System.Diagnostics.Process (4.3) - framework: >= netstandard16
      Microsoft.NETCore.Platforms (>= 1.1) - framework: >= netstandard14
      Microsoft.Win32.Primitives (>= 4.3) - framework: >= netstandard14
      Microsoft.Win32.Registry (>= 4.3) - framework: >= netstandard14
      runtime.native.System (>= 4.3) - framework: >= netstandard14
      System.Collections (>= 4.3) - framework: >= netstandard14
      System.Diagnostics.Debug (>= 4.3) - framework: >= netstandard14
      System.Globalization (>= 4.3) - framework: >= netstandard14
      System.IO (>= 4.3) - framework: >= netstandard13
      System.IO.FileSystem (>= 4.3) - framework: >= netstandard14
      System.IO.FileSystem.Primitives (>= 4.3) - framework: >= netstandard14
      System.Resources.ResourceManager (>= 4.3) - framework: >= netstandard14
      System.Runtime (>= 4.3) - framework: >= netstandard13
      System.Runtime.Extensions (>= 4.3) - framework: >= netstandard14
      System.Runtime.Handles (>= 4.3) - framework: >= netstandard13
      System.Runtime.InteropServices (>= 4.3) - framework: >= netstandard14
      System.Text.Encoding (>= 4.3) - framework: >= netstandard13
      System.Text.Encoding.Extensions (>= 4.3) - framework: >= netstandard14
      System.Threading (>= 4.3) - framework: >= netstandard14
      System.Threading.Tasks (>= 4.3) - framework: >= netstandard14
      System.Threading.Thread (>= 4.3) - framework: >= netstandard14
      System.Threading.ThreadPool (>= 4.3) - framework: >= netstandard14
    System.Diagnostics.Tools (4.3) - framework: >= net10, netstandard10, >= netstandard13
      Microsoft.NETCore.Platforms (>= 1.1) - framework: dnxcore50, >= netstandard10
      Microsoft.NETCore.Targets (>= 1.1) - framework: dnxcore50, >= netstandard10
      System.Runtime (>= 4.3) - framework: dnxcore50, >= netstandard10
    System.Diagnostics.TraceSource (4.3) - framework: >= netstandard16
      Microsoft.NETCore.Platforms (>= 1.1) - framework: >= netstandard13
      runtime.native.System (>= 4.3) - framework: >= netstandard13
      System.Collections (>= 4.3) - framework: >= netstandard13
      System.Diagnostics.Debug (>= 4.3) - framework: >= netstandard13
      System.Globalization (>= 4.3) - framework: >= netstandard13
      System.Resources.ResourceManager (>= 4.3) - framework: >= netstandard13
      System.Runtime (>= 4.3) - framework: >= netstandard13
      System.Runtime.Extensions (>= 4.3) - framework: >= netstandard13
      System.Threading (>= 4.3) - framework: >= netstandard13
    System.Diagnostics.Tracing (4.3) - framework: >= net10, >= netstandard13, netstandard14
      Microsoft.NETCore.Platforms (>= 1.1) - framework: dnxcore50, netstandard11, netstandard12, netstandard13, >= netstandard15
      Microsoft.NETCore.Targets (>= 1.1) - framework: dnxcore50, netstandard11, netstandard12, netstandard13, >= netstandard15
      System.Runtime (>= 4.3) - framework: dnxcore50, netstandard11, netstandard12, netstandard13, >= netstandard15
    System.Dynamic.Runtime (4.3) - framework: netstandard10, netstandard13
      System.Collections (>= 4.3) - framework: dnxcore50, >= netstandard13
      System.Diagnostics.Debug (>= 4.3) - framework: dnxcore50, >= netstandard13
      System.Linq (>= 4.3) - framework: dnxcore50, >= netstandard13
      System.Linq.Expressions (>= 4.3) - framework: dnxcore50, netstandard10, >= netstandard13
      System.ObjectModel (>= 4.3) - framework: dnxcore50, netstandard10, >= netstandard13
      System.Reflection (>= 4.3) - framework: dnxcore50, netstandard10, >= netstandard13
      System.Reflection.Emit (>= 4.3) - framework: >= netstandard13
      System.Reflection.Emit.ILGeneration (>= 4.3) - framework: >= netstandard13
      System.Reflection.Primitives (>= 4.3) - framework: >= netstandard13
      System.Reflection.TypeExtensions (>= 4.3) - framework: dnxcore50, >= netstandard13
      System.Resources.ResourceManager (>= 4.3) - framework: dnxcore50, >= netstandard13
      System.Runtime (>= 4.3) - framework: dnxcore50, netstandard10, >= netstandard13
      System.Runtime.Extensions (>= 4.3) - framework: dnxcore50, >= netstandard13
      System.Threading (>= 4.3) - framework: dnxcore50, >= netstandard13
    System.Globalization (4.3) - framework: >= net10, netstandard10, >= netstandard13, netstandard14, netstandard15
      Microsoft.NETCore.Platforms (>= 1.1) - framework: dnxcore50, netstandard10, >= netstandard13
      Microsoft.NETCore.Targets (>= 1.1) - framework: dnxcore50, netstandard10, >= netstandard13
      System.Runtime (>= 4.3) - framework: dnxcore50, netstandard10, >= netstandard13
    System.Globalization.Calendars (4.3) - framework: net46, >= net46, >= netstandard13
      Microsoft.NETCore.Platforms (>= 1.1) - framework: >= netstandard13
      Microsoft.NETCore.Targets (>= 1.1) - framework: >= netstandard13
      System.Globalization (>= 4.3) - framework: >= netstandard13
      System.Runtime (>= 4.3) - framework: >= netstandard13
    System.Globalization.Extensions (4.3) - framework: >= net10, >= netstandard15
      Microsoft.NETCore.Platforms (>= 1.1) - framework: >= netstandard13
      System.Globalization (>= 4.3) - framework: >= netstandard13
      System.Resources.ResourceManager (>= 4.3) - framework: >= netstandard13
      System.Runtime (>= 4.3) - framework: >= netstandard13
      System.Runtime.Extensions (>= 4.3) - framework: >= netstandard13
      System.Runtime.InteropServices (>= 4.3) - framework: >= netstandard13
    System.IO (4.3) - framework: >= net10, netstandard10, >= netstandard13, netstandard14
      Microsoft.NETCore.Platforms (>= 1.1) - framework: dnxcore50, netstandard10, netstandard13, >= netstandard15
      Microsoft.NETCore.Targets (>= 1.1) - framework: dnxcore50, netstandard10, netstandard13, >= netstandard15
      System.Runtime (>= 4.3) - framework: dnxcore50, netstandard10, netstandard13, >= netstandard15
      System.Text.Encoding (>= 4.3) - framework: dnxcore50, netstandard10, netstandard13, >= netstandard15
      System.Threading.Tasks (>= 4.3) - framework: dnxcore50, netstandard10, netstandard13, >= netstandard15
    System.IO.Compression (4.3) - framework: net46, >= net463, >= netstandard13
      Microsoft.NETCore.Platforms (>= 1.1) - framework: >= netstandard13
      runtime.native.System (>= 4.3) - framework: >= netstandard13
      runtime.native.System.IO.Compression (>= 4.3) - framework: dnxcore50, >= netstandard13
      System.Buffers (>= 4.3) - framework: dnxcore50, >= netstandard13
      System.Collections (>= 4.3) - framework: dnxcore50, >= netstandard13
      System.Diagnostics.Debug (>= 4.3) - framework: dnxcore50, >= netstandard13
      System.IO (>= 4.3) - framework: dnxcore50, netstandard11, >= netstandard13
      System.Resources.ResourceManager (>= 4.3) - framework: dnxcore50, >= netstandard13
      System.Runtime (>= 4.3) - framework: dnxcore50, netstandard11, >= netstandard13
      System.Runtime.Extensions (>= 4.3) - framework: dnxcore50, >= netstandard13
      System.Runtime.Handles (>= 4.3) - framework: dnxcore50, >= netstandard13
      System.Runtime.InteropServices (>= 4.3) - framework: dnxcore50, >= netstandard13
      System.Text.Encoding (>= 4.3) - framework: dnxcore50, netstandard11, >= netstandard13
      System.Threading (>= 4.3) - framework: dnxcore50, >= netstandard13
      System.Threading.Tasks (>= 4.3) - framework: dnxcore50, >= netstandard13
    System.IO.Compression.ZipFile (4.3) - framework: net46, >= net463, >= netstandard13
      System.Buffers (>= 4.3) - framework: >= netstandard13
      System.IO (>= 4.3) - framework: >= netstandard13
      System.IO.Compression (>= 4.3) - framework: >= netstandard13
      System.IO.FileSystem (>= 4.3) - framework: >= netstandard13
      System.IO.FileSystem.Primitives (>= 4.3) - framework: >= netstandard13
      System.Resources.ResourceManager (>= 4.3) - framework: >= netstandard13
      System.Runtime (>= 4.3) - framework: >= netstandard13
      System.Runtime.Extensions (>= 4.3) - framework: >= netstandard13
      System.Text.Encoding (>= 4.3) - framework: >= netstandard13
    System.IO.FileSystem (4.3) - framework: >= net10, >= netstandard13
      Microsoft.NETCore.Platforms (>= 1.1) - framework: >= netstandard13
      Microsoft.NETCore.Targets (>= 1.1) - framework: >= netstandard13
      System.IO (>= 4.3) - framework: >= netstandard13
      System.IO.FileSystem.Primitives (>= 4.3) - framework: >= net46, >= netstandard13
      System.Runtime (>= 4.3) - framework: >= netstandard13
      System.Runtime.Handles (>= 4.3) - framework: >= netstandard13
      System.Text.Encoding (>= 4.3) - framework: >= netstandard13
      System.Threading.Tasks (>= 4.3) - framework: >= netstandard13
    System.IO.FileSystem.Primitives (4.3) - framework: net46, >= net46, >= netstandard13
      System.Runtime (>= 4.3) - framework: >= netstandard13
    System.Linq (4.3) - framework: >= net10, netstandard10, >= netstandard13, netstandard14
      System.Collections (>= 4.3) - framework: dnxcore50, netstandard10, >= netstandard16
      System.Diagnostics.Debug (>= 4.3) - framework: dnxcore50, >= netstandard16
      System.Resources.ResourceManager (>= 4.3) - framework: dnxcore50, >= netstandard16
      System.Runtime (>= 4.3) - framework: dnxcore50, netstandard10, >= netstandard16
      System.Runtime.Extensions (>= 4.3) - framework: dnxcore50, >= netstandard16
    System.Linq.Expressions (4.3) - framework: >= net10, netstandard10, >= netstandard13
      System.Collections (>= 4.3) - framework: dnxcore50, >= netstandard16
      System.Diagnostics.Debug (>= 4.3) - framework: dnxcore50, >= netstandard16
      System.Globalization (>= 4.3) - framework: dnxcore50, >= netstandard16
      System.IO (>= 4.3) - framework: dnxcore50, >= netstandard16
      System.Linq (>= 4.3) - framework: dnxcore50, >= netstandard16
      System.ObjectModel (>= 4.3) - framework: >= netstandard16
      System.Reflection (>= 4.3) - framework: dnxcore50, netstandard10, netstandard13, >= netstandard16
      System.Reflection.Emit (>= 4.3) - framework: >= netstandard16
      System.Reflection.Emit.ILGeneration (>= 4.3) - framework: dnxcore50, >= netstandard16
      System.Reflection.Emit.Lightweight (>= 4.3) - framework: dnxcore50, >= netstandard16
      System.Reflection.Extensions (>= 4.3) - framework: dnxcore50, >= netstandard16
      System.Reflection.Primitives (>= 4.3) - framework: dnxcore50, >= netstandard16
      System.Reflection.TypeExtensions (>= 4.3) - framework: dnxcore50, >= netstandard16
      System.Resources.ResourceManager (>= 4.3) - framework: dnxcore50, >= netstandard16
      System.Runtime (>= 4.3) - framework: dnxcore50, netstandard10, netstandard13, >= netstandard16
      System.Runtime.Extensions (>= 4.3) - framework: dnxcore50, >= netstandard16
      System.Threading (>= 4.3) - framework: dnxcore50, >= netstandard16
    System.Linq.Parallel (4.3) - framework: >= netstandard16
      System.Collections (>= 4.3) - framework: dnxcore50, netstandard11, >= netstandard13
      System.Collections.Concurrent (>= 4.3) - framework: dnxcore50, netstandard11, >= netstandard13
      System.Diagnostics.Debug (>= 4.3) - framework: dnxcore50, >= netstandard13
      System.Diagnostics.Tracing (>= 4.3) - framework: dnxcore50, >= netstandard13
      System.Linq (>= 4.3) - framework: dnxcore50, netstandard11, >= netstandard13
      System.Resources.ResourceManager (>= 4.3) - framework: dnxcore50, >= netstandard13
      System.Runtime (>= 4.3) - framework: dnxcore50, netstandard11, >= netstandard13
      System.Runtime.Extensions (>= 4.3) - framework: dnxcore50, >= netstandard13
      System.Threading (>= 4.3) - framework: dnxcore50, >= netstandard13
      System.Threading.Tasks (>= 4.3) - framework: dnxcore50, netstandard11, >= netstandard13
    System.Linq.Queryable (4.3) - framework: >= net10, >= netstandard16
      System.Collections (>= 4.3) - framework: dnxcore50, >= netstandard13
      System.Diagnostics.Debug (>= 4.3) - framework: dnxcore50, >= netstandard13
      System.Linq (>= 4.3) - framework: dnxcore50, netstandard10, >= netstandard13
      System.Linq.Expressions (>= 4.3) - framework: dnxcore50, netstandard10, >= netstandard13
      System.Reflection (>= 4.3) - framework: dnxcore50, >= netstandard13
      System.Reflection.Extensions (>= 4.3) - framework: dnxcore50, >= netstandard13
      System.Resources.ResourceManager (>= 4.3) - framework: dnxcore50, >= netstandard13
      System.Runtime (>= 4.3) - framework: dnxcore50, netstandard10, >= netstandard13
    System.Net.Http (4.3.3) - framework: >= net10, >= netstandard13
      Microsoft.NETCore.Platforms (>= 1.1) - framework: dnxcore50, netstandard13, >= netstandard16
      runtime.native.System (>= 4.3) - framework: >= netstandard16
      runtime.native.System.Net.Http (>= 4.3) - framework: >= netstandard16
      runtime.native.System.Security.Cryptography.OpenSsl (>= 4.3.2) - framework: >= netstandard16
      System.Collections (>= 4.3) - framework: dnxcore50, netstandard13, >= netstandard16
      System.Diagnostics.Debug (>= 4.3) - framework: dnxcore50, netstandard13, >= netstandard16
      System.Diagnostics.DiagnosticSource (>= 4.3) - framework: dnxcore50, netstandard13, >= netstandard16
      System.Diagnostics.Tracing (>= 4.3) - framework: dnxcore50, netstandard13, >= netstandard16
      System.Globalization (>= 4.3) - framework: dnxcore50, netstandard13, >= netstandard16
      System.Globalization.Extensions (>= 4.3) - framework: >= netstandard16
      System.IO (>= 4.3) - framework: dnxcore50, netstandard11, netstandard13, >= netstandard16
      System.IO.FileSystem (>= 4.3) - framework: >= netstandard16
      System.Net.Primitives (>= 4.3) - framework: dnxcore50, netstandard11, netstandard13, >= netstandard16
      System.Resources.ResourceManager (>= 4.3) - framework: dnxcore50, netstandard13, >= netstandard16
      System.Runtime (>= 4.3) - framework: dnxcore50, netstandard11, netstandard13, >= netstandard16
      System.Runtime.Extensions (>= 4.3) - framework: dnxcore50, netstandard13, >= netstandard16
      System.Runtime.Handles (>= 4.3) - framework: netstandard13, >= netstandard16
      System.Runtime.InteropServices (>= 4.3) - framework: dnxcore50, netstandard13, >= netstandard16
      System.Security.Cryptography.Algorithms (>= 4.3) - framework: >= netstandard16
      System.Security.Cryptography.Encoding (>= 4.3) - framework: netstandard13, >= netstandard16
      System.Security.Cryptography.OpenSsl (>= 4.3) - framework: >= netstandard16
      System.Security.Cryptography.Primitives (>= 4.3) - framework: >= netstandard16
      System.Security.Cryptography.X509Certificates (>= 4.3) - framework: >= net46, dnxcore50, netstandard13, >= netstandard16
      System.Text.Encoding (>= 4.3) - framework: dnxcore50, netstandard11, netstandard13, >= netstandard16
      System.Threading (>= 4.3) - framework: dnxcore50, netstandard13, >= netstandard16
      System.Threading.Tasks (>= 4.3) - framework: dnxcore50, netstandard11, netstandard13, >= netstandard16
    System.Net.Primitives (4.3) - framework: >= net10, netstandard10, >= netstandard13
      Microsoft.NETCore.Platforms (>= 1.1) - framework: dnxcore50, netstandard10, netstandard11, >= netstandard13
      Microsoft.NETCore.Targets (>= 1.1) - framework: dnxcore50, netstandard10, netstandard11, >= netstandard13
      System.Runtime (>= 4.3) - framework: dnxcore50, netstandard10, netstandard11, >= netstandard13
      System.Runtime.Handles (>= 4.3) - framework: dnxcore50, >= netstandard13
    System.Net.Requests (4.3) - framework: >= net10, >= netstandard16
      Microsoft.NETCore.Platforms (>= 1.1) - framework: >= netstandard13
      System.Collections (>= 4.3) - framework: dnxcore50, >= netstandard13
      System.Diagnostics.Debug (>= 4.3) - framework: dnxcore50, >= netstandard13
      System.Diagnostics.Tracing (>= 4.3) - framework: dnxcore50, >= netstandard13
      System.Globalization (>= 4.3) - framework: dnxcore50, >= netstandard13
      System.IO (>= 4.3) - framework: dnxcore50, netstandard10, netstandard11, >= netstandard13
      System.Net.Http (>= 4.3) - framework: dnxcore50, >= netstandard13
      System.Net.Primitives (>= 4.3) - framework: dnxcore50, netstandard10, netstandard11, >= netstandard13
      System.Net.WebHeaderCollection (>= 4.3) - framework: dnxcore50, >= netstandard13
      System.Resources.ResourceManager (>= 4.3) - framework: dnxcore50, >= netstandard13
      System.Runtime (>= 4.3) - framework: dnxcore50, netstandard10, netstandard11, >= netstandard13
      System.Threading (>= 4.3) - framework: dnxcore50, >= netstandard13
      System.Threading.Tasks (>= 4.3) - framework: dnxcore50, netstandard11, >= netstandard13
    System.Net.Security (4.3.2) - framework: >= netstandard16
      Microsoft.NETCore.Platforms (>= 1.1) - framework: netstandard13, >= netstandard16
      Microsoft.Win32.Primitives (>= 4.3) - framework: netstandard13, >= netstandard16
      runtime.native.System (>= 4.3) - framework: >= netstandard16
      runtime.native.System.Net.Security (>= 4.3) - framework: >= netstandard16
      runtime.native.System.Security.Cryptography.OpenSsl (>= 4.3.2) - framework: >= netstandard16
      System.Collections (>= 4.3) - framework: netstandard13, >= netstandard16
      System.Collections.Concurrent (>= 4.3) - framework: netstandard13, >= netstandard16
      System.Diagnostics.Tracing (>= 4.3) - framework: netstandard13, >= netstandard16
      System.Globalization (>= 4.3) - framework: netstandard13, >= netstandard16
      System.Globalization.Extensions (>= 4.3) - framework: >= netstandard16
      System.IO (>= 4.3) - framework: netstandard13, >= netstandard16
      System.Net.Primitives (>= 4.3) - framework: netstandard13, >= netstandard16
      System.Resources.ResourceManager (>= 4.3) - framework: netstandard13, >= netstandard16
      System.Runtime (>= 4.3) - framework: netstandard13, >= netstandard16
      System.Runtime.Extensions (>= 4.3) - framework: netstandard13, >= netstandard16
      System.Runtime.Handles (>= 4.3) - framework: netstandard13, >= netstandard16
      System.Runtime.InteropServices (>= 4.3) - framework: netstandard13, >= netstandard16
      System.Security.Claims (>= 4.3) - framework: netstandard13, >= netstandard16
      System.Security.Cryptography.Algorithms (>= 4.3) - framework: >= netstandard16
      System.Security.Cryptography.Encoding (>= 4.3) - framework: netstandard13, >= netstandard16
      System.Security.Cryptography.OpenSsl (>= 4.3) - framework: >= netstandard16
      System.Security.Cryptography.Primitives (>= 4.3) - framework: netstandard13, >= netstandard16
      System.Security.Cryptography.X509Certificates (>= 4.3) - framework: >= net46, netstandard13, >= netstandard16
      System.Security.Principal (>= 4.3) - framework: netstandard13, >= netstandard16
      System.Text.Encoding (>= 4.3) - framework: >= netstandard16
      System.Threading (>= 4.3) - framework: netstandard13, >= netstandard16
      System.Threading.Tasks (>= 4.3) - framework: netstandard13, >= netstandard16
      System.Threading.ThreadPool (>= 4.3) - framework: netstandard13, >= netstandard16
    System.Net.Sockets (4.3) - framework: net46, >= net463, >= netstandard13
      Microsoft.NETCore.Platforms (>= 1.1) - framework: >= netstandard13
      Microsoft.NETCore.Targets (>= 1.1) - framework: >= netstandard13
      System.IO (>= 4.3) - framework: >= netstandard13
      System.Net.Primitives (>= 4.3) - framework: >= netstandard13
      System.Runtime (>= 4.3) - framework: >= netstandard13
      System.Threading.Tasks (>= 4.3) - framework: >= netstandard13
    System.Net.WebHeaderCollection (4.3) - framework: >= net10, >= netstandard16
      System.Collections (>= 4.3) - framework: >= netstandard13
      System.Resources.ResourceManager (>= 4.3) - framework: >= netstandard13
      System.Runtime (>= 4.3) - framework: >= netstandard13
      System.Runtime.Extensions (>= 4.3) - framework: >= netstandard13
    System.ObjectModel (4.3) - framework: >= net10, netstandard10, >= netstandard13
      System.Collections (>= 4.3) - framework: dnxcore50, >= netstandard13
      System.Diagnostics.Debug (>= 4.3) - framework: dnxcore50, >= netstandard13
      System.Resources.ResourceManager (>= 4.3) - framework: dnxcore50, >= netstandard13
      System.Runtime (>= 4.3) - framework: dnxcore50, netstandard10, >= netstandard13
      System.Threading (>= 4.3) - framework: dnxcore50, >= netstandard13
    System.Private.DataContractSerialization (4.3) - framework: >= netstandard13
      System.Collections (>= 4.3) - framework: dnxcore50, >= netstandard13
      System.Collections.Concurrent (>= 4.3) - framework: dnxcore50, >= netstandard13
      System.Diagnostics.Debug (>= 4.3) - framework: dnxcore50, >= netstandard13
      System.Globalization (>= 4.3) - framework: dnxcore50, >= netstandard13
      System.IO (>= 4.3) - framework: dnxcore50, >= netstandard13
      System.Linq (>= 4.3) - framework: dnxcore50, >= netstandard13
      System.Reflection (>= 4.3) - framework: dnxcore50, >= netstandard13
      System.Reflection.Emit.ILGeneration (>= 4.3) - framework: >= netstandard13
      System.Reflection.Emit.Lightweight (>= 4.3) - framework: >= netstandard13
      System.Reflection.Extensions (>= 4.3) - framework: dnxcore50, >= netstandard13
      System.Reflection.Primitives (>= 4.3) - framework: dnxcore50, >= netstandard13
      System.Reflection.TypeExtensions (>= 4.3) - framework: >= net46, dnxcore50, >= netstandard13
      System.Resources.ResourceManager (>= 4.3) - framework: dnxcore50, >= netstandard13
      System.Runtime (>= 4.3) - framework: dnxcore50, >= netstandard13
      System.Runtime.Extensions (>= 4.3) - framework: dnxcore50, >= netstandard13
      System.Runtime.Serialization.Primitives (>= 4.3) - framework: >= net46, dnxcore50, >= netstandard13
      System.Text.Encoding (>= 4.3) - framework: dnxcore50, >= netstandard13
      System.Text.Encoding.Extensions (>= 4.3) - framework: dnxcore50, >= netstandard13
      System.Text.RegularExpressions (>= 4.3) - framework: dnxcore50, >= netstandard13
      System.Threading (>= 4.3) - framework: dnxcore50, >= netstandard13
      System.Threading.Tasks (>= 4.3) - framework: dnxcore50, >= netstandard13
      System.Xml.ReaderWriter (>= 4.3) - framework: dnxcore50, >= netstandard13
      System.Xml.XDocument (>= 4.3) - framework: dnxcore50, >= netstandard13
      System.Xml.XmlDocument (>= 4.3) - framework: >= net46, dnxcore50, >= netstandard13
      System.Xml.XmlSerializer (>= 4.3) - framework: dnxcore50, >= netstandard13
    System.Reflection (4.3) - framework: >= net10, netstandard10, >= netstandard13, netstandard14, netstandard15
      Microsoft.NETCore.Platforms (>= 1.1) - framework: dnxcore50, netstandard10, netstandard13, >= netstandard15
      Microsoft.NETCore.Targets (>= 1.1) - framework: dnxcore50, netstandard10, netstandard13, >= netstandard15
      System.IO (>= 4.3) - framework: dnxcore50, netstandard10, netstandard13, >= netstandard15
      System.Reflection.Primitives (>= 4.3) - framework: dnxcore50, netstandard10, netstandard13, >= netstandard15
      System.Runtime (>= 4.3) - framework: dnxcore50, netstandard10, netstandard13, >= netstandard15
    System.Reflection.Emit (4.3) - framework: >= net10, >= netstandard13
      System.IO (>= 4.3) - framework: >= netstandard11
      System.Reflection (>= 4.3) - framework: >= netstandard11
      System.Reflection.Emit.ILGeneration (>= 4.3) - framework: >= netstandard11
      System.Reflection.Primitives (>= 4.3) - framework: >= netstandard11
      System.Runtime (>= 4.3) - framework: >= netstandard11
    System.Reflection.Emit.ILGeneration (4.3) - framework: >= net10, >= netstandard13
      System.Reflection (>= 4.3) - framework: >= netstandard10
      System.Reflection.Primitives (>= 4.3) - framework: >= netstandard10
      System.Runtime (>= 4.3) - framework: >= netstandard10
    System.Reflection.Emit.Lightweight (4.3) - framework: >= net10, >= netstandard13
      System.Reflection (>= 4.3) - framework: >= netstandard10
      System.Reflection.Emit.ILGeneration (>= 4.3) - framework: >= netstandard10
      System.Reflection.Primitives (>= 4.3) - framework: >= netstandard10
      System.Runtime (>= 4.3) - framework: >= netstandard10
    System.Reflection.Extensions (4.3) - framework: >= net10, netstandard10, >= netstandard13
      Microsoft.NETCore.Platforms (>= 1.1) - framework: dnxcore50, >= netstandard10
      Microsoft.NETCore.Targets (>= 1.1) - framework: dnxcore50, >= netstandard10
      System.Reflection (>= 4.3) - framework: dnxcore50, >= netstandard10
      System.Runtime (>= 4.3) - framework: dnxcore50, >= netstandard10
    System.Reflection.Metadata (1.5) - framework: >= netstandard16
      System.Collections.Immutable (>= 1.4)
    System.Reflection.Primitives (4.3) - framework: >= net10, netstandard10, >= netstandard13
      Microsoft.NETCore.Platforms (>= 1.1) - framework: dnxcore50, >= netstandard10
      Microsoft.NETCore.Targets (>= 1.1) - framework: dnxcore50, >= netstandard10
      System.Runtime (>= 4.3) - framework: dnxcore50, >= netstandard10
    System.Reflection.TypeExtensions (4.4) - framework: >= net10, >= netstandard13
      System.Reflection (>= 4.3) - framework: dnxcore50, netstandard13, netstandard15
      System.Resources.ResourceManager (>= 4.3) - framework: dnxcore50, netstandard13, netstandard15
      System.Runtime (>= 4.3) - framework: dnxcore50, netstandard13, netstandard15
    System.Resources.ResourceManager (4.3) - framework: >= net10, netstandard10, >= netstandard13, netstandard14, netstandard15
      Microsoft.NETCore.Platforms (>= 1.1) - framework: dnxcore50, >= netstandard10
      Microsoft.NETCore.Targets (>= 1.1) - framework: dnxcore50, >= netstandard10
      System.Globalization (>= 4.3) - framework: dnxcore50, >= netstandard10
      System.Reflection (>= 4.3) - framework: dnxcore50, >= netstandard10
      System.Runtime (>= 4.3) - framework: dnxcore50, >= netstandard10
    System.Runtime (4.3) - framework: >= net10, netstandard10, >= netstandard13, netstandard14, netstandard15
      Microsoft.NETCore.Platforms (>= 1.1) - framework: dnxcore50, netstandard10, netstandard12, netstandard13, >= netstandard15
      Microsoft.NETCore.Targets (>= 1.1) - framework: dnxcore50, netstandard10, netstandard12, netstandard13, >= netstandard15
    System.Runtime.Extensions (4.3) - framework: >= net10, netstandard10, >= netstandard13, netstandard14
      Microsoft.NETCore.Platforms (>= 1.1) - framework: dnxcore50, netstandard10, netstandard13, >= netstandard15
      Microsoft.NETCore.Targets (>= 1.1) - framework: dnxcore50, netstandard10, netstandard13, >= netstandard15
      System.Runtime (>= 4.3) - framework: dnxcore50, netstandard10, netstandard13, >= netstandard15
    System.Runtime.Handles (4.3) - framework: >= net10, >= netstandard13, netstandard14
      Microsoft.NETCore.Platforms (>= 1.1) - framework: >= netstandard13
      Microsoft.NETCore.Targets (>= 1.1) - framework: >= netstandard13
      System.Runtime (>= 4.3) - framework: >= netstandard13
    System.Runtime.InteropServices (4.3) - framework: >= net10, >= netstandard13, netstandard14
      Microsoft.NETCore.Platforms (>= 1.1) - framework: dnxcore50, netstandard11, netstandard12, netstandard13, >= netstandard15
      Microsoft.NETCore.Targets (>= 1.1) - framework: dnxcore50, netstandard11, netstandard12, netstandard13, >= netstandard15
      System.Reflection (>= 4.3) - framework: dnxcore50, netstandard11, netstandard12, netstandard13, >= netstandard15
      System.Reflection.Primitives (>= 4.3) - framework: dnxcore50, netstandard11, netstandard12, netstandard13, >= netstandard15
      System.Runtime (>= 4.3) - framework: net462, >= net463, dnxcore50, netstandard11, netstandard12, netstandard13, >= netstandard15
      System.Runtime.Handles (>= 4.3) - framework: dnxcore50, netstandard13, >= netstandard15
    System.Runtime.InteropServices.RuntimeInformation (4.3) - framework: net45, net451, net46, >= net463, >= netstandard13
      runtime.native.System (>= 4.3) - framework: >= netstandard11
      System.Reflection (>= 4.3) - framework: dnxcore50, >= netstandard11
      System.Reflection.Extensions (>= 4.3) - framework: dnxcore50, >= netstandard11
      System.Resources.ResourceManager (>= 4.3) - framework: dnxcore50, >= netstandard11
      System.Runtime (>= 4.3) - framework: dnxcore50, >= netstandard11
      System.Runtime.InteropServices (>= 4.3) - framework: >= netstandard11
      System.Threading (>= 4.3) - framework: dnxcore50, >= netstandard11
    System.Runtime.Numerics (4.3) - framework: >= net10, >= netstandard13
      System.Globalization (>= 4.3) - framework: dnxcore50, >= netstandard13
      System.Resources.ResourceManager (>= 4.3) - framework: dnxcore50, >= netstandard13
      System.Runtime (>= 4.3) - framework: dnxcore50, netstandard11, >= netstandard13
      System.Runtime.Extensions (>= 4.3) - framework: dnxcore50, >= netstandard13
    System.Runtime.Serialization.Formatters (4.3) - framework: >= netstandard13
      System.Collections (>= 4.3) - framework: >= netstandard14
      System.Reflection (>= 4.3) - framework: >= netstandard14
      System.Resources.ResourceManager (>= 4.3) - framework: >= netstandard14
      System.Runtime (>= 4.3) - framework: >= netstandard13
      System.Runtime.Serialization.Primitives (>= 4.3) - framework: >= net46, >= netstandard13
    System.Runtime.Serialization.Json (4.3) - framework: >= netstandard16
      System.IO (>= 4.3) - framework: dnxcore50, netstandard10, >= netstandard13
      System.Private.DataContractSerialization (>= 4.3) - framework: dnxcore50, >= netstandard13
      System.Runtime (>= 4.3) - framework: dnxcore50, netstandard10, >= netstandard13
    System.Runtime.Serialization.Primitives (4.3) - framework: netstandard10, >= netstandard13
      System.Resources.ResourceManager (>= 4.3) - framework: dnxcore50, >= netstandard13
      System.Runtime (>= 4.3) - framework: dnxcore50, netstandard10, >= netstandard13
    System.Runtime.Serialization.Xml (4.3) - framework: >= netstandard13
      System.IO (>= 4.3) - framework: dnxcore50, netstandard10, >= netstandard13
      System.Private.DataContractSerialization (>= 4.3) - framework: dnxcore50, >= netstandard13
      System.Runtime (>= 4.3) - framework: dnxcore50, netstandard10, >= netstandard13
      System.Runtime.Serialization.Primitives (>= 4.3) - framework: >= net46, dnxcore50, >= netstandard13
      System.Text.Encoding (>= 4.3) - framework: dnxcore50, netstandard10, >= netstandard13
      System.Xml.ReaderWriter (>= 4.3) - framework: dnxcore50, netstandard10, >= netstandard13
    System.Security.AccessControl (4.4) - framework: >= netstandard16
      System.Security.Principal.Windows (>= 4.4)
    System.Security.Claims (4.3) - framework: >= netstandard16
      System.Collections (>= 4.3) - framework: >= netstandard13
      System.Globalization (>= 4.3) - framework: >= netstandard13
      System.IO (>= 4.3) - framework: >= netstandard13
      System.Resources.ResourceManager (>= 4.3) - framework: >= netstandard13
      System.Runtime (>= 4.3) - framework: >= netstandard13
      System.Runtime.Extensions (>= 4.3) - framework: >= netstandard13
      System.Security.Principal (>= 4.3) - framework: >= netstandard13
    System.Security.Cryptography.Algorithms (4.3) - framework: >= net10, >= netstandard13, netstandard14
      Microsoft.NETCore.Platforms (>= 1.1) - framework: dnxcore50, >= netstandard16
      runtime.native.System.Security.Cryptography.Apple (>= 4.3) - framework: >= netstandard16
      runtime.native.System.Security.Cryptography.OpenSsl (>= 4.3) - framework: >= netstandard16
      System.Collections (>= 4.3) - framework: >= netstandard16
      System.IO (>= 4.3) - framework: >= net463, dnxcore50, netstandard13, netstandard14, >= netstandard16
      System.Resources.ResourceManager (>= 4.3) - framework: dnxcore50, >= netstandard16
      System.Runtime (>= 4.3) - framework: >= net463, dnxcore50, netstandard13, netstandard14, >= netstandard16
      System.Runtime.Extensions (>= 4.3) - framework: dnxcore50, >= netstandard16
      System.Runtime.Handles (>= 4.3) - framework: dnxcore50, >= netstandard16
      System.Runtime.InteropServices (>= 4.3) - framework: dnxcore50, >= netstandard16
      System.Runtime.Numerics (>= 4.3) - framework: >= netstandard16
      System.Security.Cryptography.Encoding (>= 4.3) - framework: >= net463, dnxcore50, >= netstandard16
      System.Security.Cryptography.Primitives (>= 4.3) - framework: net46, net461, >= net463, dnxcore50, netstandard13, netstandard14, >= netstandard16
      System.Text.Encoding (>= 4.3) - framework: dnxcore50, >= netstandard16
    System.Security.Cryptography.Cng (4.4) - framework: net46, >= net46, >= netstandard16
      System.IO (>= 4.3) - framework: netstandard13, netstandard14, >= netstandard16
      System.Resources.ResourceManager (>= 4.3) - framework: netstandard13, netstandard14, >= netstandard16
      System.Runtime (>= 4.3) - framework: netstandard13, netstandard14, >= netstandard16
      System.Runtime.Extensions (>= 4.3) - framework: netstandard14, >= netstandard16
      System.Runtime.Handles (>= 4.3) - framework: netstandard13, netstandard14, >= netstandard16
      System.Runtime.InteropServices (>= 4.3) - framework: netstandard13, netstandard14, >= netstandard16
      System.Security.Cryptography.Algorithms (>= 4.3) - framework: net46, netstandard13, netstandard14, >= netstandard16
      System.Security.Cryptography.Encoding (>= 4.3) - framework: netstandard14, >= netstandard16
      System.Security.Cryptography.Primitives (>= 4.3) - framework: net46, netstandard13, netstandard14, >= netstandard16
      System.Text.Encoding (>= 4.3) - framework: netstandard14, >= netstandard16
    System.Security.Cryptography.Csp (4.3) - framework: net46, >= net46, >= netstandard13
      Microsoft.NETCore.Platforms (>= 1.1) - framework: >= netstandard13
      System.IO (>= 4.3) - framework: >= netstandard13
      System.Reflection (>= 4.3) - framework: >= netstandard13
      System.Resources.ResourceManager (>= 4.3) - framework: >= netstandard13
      System.Runtime (>= 4.3) - framework: >= netstandard13
      System.Runtime.Extensions (>= 4.3) - framework: >= netstandard13
      System.Runtime.Handles (>= 4.3) - framework: >= netstandard13
      System.Runtime.InteropServices (>= 4.3) - framework: >= netstandard13
      System.Security.Cryptography.Algorithms (>= 4.3) - framework: >= net46, >= netstandard13
      System.Security.Cryptography.Encoding (>= 4.3) - framework: >= netstandard13
      System.Security.Cryptography.Primitives (>= 4.3) - framework: >= net46, >= netstandard13
      System.Text.Encoding (>= 4.3) - framework: >= netstandard13
      System.Threading (>= 4.3) - framework: >= netstandard13
    System.Security.Cryptography.Encoding (4.3) - framework: >= net10, >= netstandard13, netstandard14
      Microsoft.NETCore.Platforms (>= 1.1) - framework: >= netstandard13
      runtime.native.System.Security.Cryptography.OpenSsl (>= 4.3) - framework: >= netstandard13
      System.Collections (>= 4.3) - framework: >= netstandard13
      System.Collections.Concurrent (>= 4.3) - framework: >= netstandard13
      System.Linq (>= 4.3) - framework: >= netstandard13
      System.Resources.ResourceManager (>= 4.3) - framework: >= netstandard13
      System.Runtime (>= 4.3) - framework: >= netstandard13
      System.Runtime.Extensions (>= 4.3) - framework: >= netstandard13
      System.Runtime.Handles (>= 4.3) - framework: >= netstandard13
      System.Runtime.InteropServices (>= 4.3) - framework: >= netstandard13
      System.Security.Cryptography.Primitives (>= 4.3) - framework: >= netstandard13
      System.Text.Encoding (>= 4.3) - framework: >= netstandard13
    System.Security.Cryptography.OpenSsl (4.4) - framework: >= net10, >= netstandard16
      System.Collections (>= 4.3) - framework: >= netstandard16
      System.IO (>= 4.3) - framework: >= netstandard16
      System.Resources.ResourceManager (>= 4.3) - framework: >= netstandard16
      System.Runtime (>= 4.3) - framework: >= netstandard16
      System.Runtime.Extensions (>= 4.3) - framework: >= netstandard16
      System.Runtime.Handles (>= 4.3) - framework: >= netstandard16
      System.Runtime.InteropServices (>= 4.3) - framework: >= netstandard16
      System.Runtime.Numerics (>= 4.3) - framework: >= netstandard16
      System.Security.Cryptography.Algorithms (>= 4.3) - framework: >= netstandard16
      System.Security.Cryptography.Encoding (>= 4.3) - framework: >= netstandard16
      System.Security.Cryptography.Primitives (>= 4.3) - framework: >= netstandard16
      System.Text.Encoding (>= 4.3) - framework: >= netstandard16
    System.Security.Cryptography.Primitives (4.3) - framework: >= net10, >= netstandard13, netstandard14
      System.Diagnostics.Debug (>= 4.3) - framework: >= netstandard13
      System.Globalization (>= 4.3) - framework: >= netstandard13
      System.IO (>= 4.3) - framework: >= netstandard13
      System.Resources.ResourceManager (>= 4.3) - framework: >= netstandard13
      System.Runtime (>= 4.3) - framework: >= netstandard13
      System.Threading (>= 4.3) - framework: >= netstandard13
      System.Threading.Tasks (>= 4.3) - framework: >= netstandard13
    System.Security.Cryptography.X509Certificates (4.3.1) - framework: net46, >= net46, >= netstandard13
      Microsoft.NETCore.Platforms (>= 1.1) - framework: dnxcore50, >= netstandard16
      runtime.native.System (>= 4.3) - framework: >= netstandard16
      runtime.native.System.Net.Http (>= 4.3) - framework: >= netstandard16
      runtime.native.System.Security.Cryptography.OpenSsl (>= 4.3.2) - framework: >= netstandard16
      System.Collections (>= 4.3) - framework: dnxcore50, >= netstandard16
      System.Diagnostics.Debug (>= 4.3) - framework: >= netstandard16
      System.Globalization (>= 4.3) - framework: dnxcore50, >= netstandard16
      System.Globalization.Calendars (>= 4.3) - framework: dnxcore50, >= netstandard16
      System.IO (>= 4.3) - framework: dnxcore50, >= netstandard16
      System.IO.FileSystem (>= 4.3) - framework: dnxcore50, >= netstandard16
      System.IO.FileSystem.Primitives (>= 4.3) - framework: >= netstandard16
      System.Resources.ResourceManager (>= 4.3) - framework: dnxcore50, >= netstandard16
      System.Runtime (>= 4.3) - framework: dnxcore50, netstandard13, netstandard14, >= netstandard16
      System.Runtime.Extensions (>= 4.3) - framework: dnxcore50, >= netstandard16
      System.Runtime.Handles (>= 4.3) - framework: dnxcore50, netstandard13, netstandard14, >= netstandard16
      System.Runtime.InteropServices (>= 4.3) - framework: dnxcore50, >= netstandard16
      System.Runtime.Numerics (>= 4.3) - framework: dnxcore50, >= netstandard16
      System.Security.Cryptography.Algorithms (>= 4.3) - framework: net46, >= net461, dnxcore50, netstandard13, netstandard14, >= netstandard16
      System.Security.Cryptography.Cng (>= 4.3) - framework: dnxcore50, >= netstandard16
      System.Security.Cryptography.Csp (>= 4.3) - framework: >= netstandard16
      System.Security.Cryptography.Encoding (>= 4.3) - framework: net46, >= net461, dnxcore50, netstandard13, netstandard14, >= netstandard16
      System.Security.Cryptography.OpenSsl (>= 4.3) - framework: >= netstandard16
      System.Security.Cryptography.Primitives (>= 4.3) - framework: dnxcore50, >= netstandard16
      System.Text.Encoding (>= 4.3) - framework: dnxcore50, >= netstandard16
      System.Threading (>= 4.3) - framework: dnxcore50, >= netstandard16
    System.Security.Principal (4.3) - framework: >= netstandard16
      System.Runtime (>= 4.3) - framework: dnxcore50, >= netstandard10
    System.Security.Principal.Windows (4.4) - framework: >= netstandard16
    System.Text.Encoding (4.3) - framework: >= net10, netstandard10, >= netstandard13, netstandard14
      Microsoft.NETCore.Platforms (>= 1.1) - framework: dnxcore50, netstandard10, >= netstandard13
      Microsoft.NETCore.Targets (>= 1.1) - framework: dnxcore50, netstandard10, >= netstandard13
      System.Runtime (>= 4.3) - framework: dnxcore50, netstandard10, >= netstandard13
    System.Text.Encoding.Extensions (4.3) - framework: net46, >= net463, netstandard10, >= netstandard13
      Microsoft.NETCore.Platforms (>= 1.1) - framework: dnxcore50, netstandard10, >= netstandard13
      Microsoft.NETCore.Targets (>= 1.1) - framework: dnxcore50, netstandard10, >= netstandard13
      System.Runtime (>= 4.3) - framework: dnxcore50, netstandard10, >= netstandard13
      System.Text.Encoding (>= 4.3) - framework: dnxcore50, netstandard10, >= netstandard13
    System.Text.RegularExpressions (4.3) - framework: >= net10, netstandard10, >= netstandard13
      System.Collections (>= 4.3) - framework: dnxcore50, >= netstandard16
      System.Globalization (>= 4.3) - framework: dnxcore50, >= netstandard16
      System.Resources.ResourceManager (>= 4.3) - framework: dnxcore50, >= netstandard16
      System.Runtime (>= 4.3) - framework: dnxcore50, netstandard10, netstandard13, >= netstandard16
      System.Runtime.Extensions (>= 4.3) - framework: dnxcore50, >= netstandard16
      System.Threading (>= 4.3) - framework: dnxcore50, >= netstandard16
    System.Threading (4.3) - framework: >= net10, netstandard10, >= netstandard13, netstandard14
      System.Runtime (>= 4.3) - framework: dnxcore50, netstandard10, >= netstandard13
      System.Threading.Tasks (>= 4.3) - framework: dnxcore50, netstandard10, >= netstandard13
    System.Threading.Tasks (4.3) - framework: >= net10, netstandard10, >= netstandard13, netstandard14
      Microsoft.NETCore.Platforms (>= 1.1) - framework: dnxcore50, netstandard10, >= netstandard13
      Microsoft.NETCore.Targets (>= 1.1) - framework: dnxcore50, netstandard10, >= netstandard13
      System.Runtime (>= 4.3) - framework: dnxcore50, netstandard10, >= netstandard13
    System.Threading.Tasks.Extensions (4.4) - framework: net46, >= net463, >= netstandard13
    System.Threading.Tasks.Parallel (4.3) - framework: >= net10, >= netstandard16
      System.Collections.Concurrent (>= 4.3) - framework: dnxcore50, netstandard11, >= netstandard13
      System.Diagnostics.Debug (>= 4.3) - framework: dnxcore50, >= netstandard13
      System.Diagnostics.Tracing (>= 4.3) - framework: dnxcore50, >= netstandard13
      System.Resources.ResourceManager (>= 4.3) - framework: dnxcore50, >= netstandard13
      System.Runtime (>= 4.3) - framework: dnxcore50, netstandard11, >= netstandard13
      System.Runtime.Extensions (>= 4.3) - framework: dnxcore50, >= netstandard13
      System.Threading (>= 4.3) - framework: dnxcore50, >= netstandard13
      System.Threading.Tasks (>= 4.3) - framework: dnxcore50, netstandard11, >= netstandard13
    System.Threading.Thread (4.3) - framework: >= net10, >= netstandard16
      System.Runtime (>= 4.3) - framework: >= netstandard13
    System.Threading.ThreadPool (4.3) - framework: >= net10, >= netstandard16
      System.Runtime (>= 4.3) - framework: >= netstandard13
      System.Runtime.Handles (>= 4.3) - framework: >= netstandard13
    System.Threading.Timer (4.3) - framework: >= net10, >= netstandard13
      Microsoft.NETCore.Platforms (>= 1.1) - framework: dnxcore50, >= netstandard12
      Microsoft.NETCore.Targets (>= 1.1) - framework: dnxcore50, >= netstandard12
      System.Runtime (>= 4.3) - framework: dnxcore50, >= netstandard12
    System.Xml.ReaderWriter (4.3) - framework: net46, >= net463, netstandard10, >= netstandard13
      System.Collections (>= 4.3) - framework: dnxcore50, >= netstandard13
      System.Diagnostics.Debug (>= 4.3) - framework: dnxcore50, >= netstandard13
      System.Globalization (>= 4.3) - framework: dnxcore50, >= netstandard13
      System.IO (>= 4.3) - framework: dnxcore50, netstandard10, >= netstandard13
      System.IO.FileSystem (>= 4.3) - framework: dnxcore50, >= netstandard13
      System.IO.FileSystem.Primitives (>= 4.3) - framework: dnxcore50, >= netstandard13
      System.Resources.ResourceManager (>= 4.3) - framework: dnxcore50, >= netstandard13
      System.Runtime (>= 4.3) - framework: dnxcore50, netstandard10, >= netstandard13
      System.Runtime.Extensions (>= 4.3) - framework: dnxcore50, >= netstandard13
      System.Runtime.InteropServices (>= 4.3) - framework: dnxcore50, >= netstandard13
      System.Text.Encoding (>= 4.3) - framework: dnxcore50, netstandard10, >= netstandard13
      System.Text.Encoding.Extensions (>= 4.3) - framework: dnxcore50, >= netstandard13
      System.Text.RegularExpressions (>= 4.3) - framework: dnxcore50, >= netstandard13
      System.Threading.Tasks (>= 4.3) - framework: dnxcore50, netstandard10, >= netstandard13
      System.Threading.Tasks.Extensions (>= 4.3) - framework: dnxcore50, >= netstandard13
    System.Xml.XDocument (4.3) - framework: >= net463, netstandard10, >= netstandard13
      System.Collections (>= 4.3) - framework: dnxcore50, >= netstandard13
      System.Diagnostics.Debug (>= 4.3) - framework: dnxcore50, >= netstandard13
      System.Diagnostics.Tools (>= 4.3) - framework: dnxcore50, >= netstandard13
      System.Globalization (>= 4.3) - framework: dnxcore50, >= netstandard13
      System.IO (>= 4.3) - framework: dnxcore50, netstandard10, >= netstandard13
      System.Reflection (>= 4.3) - framework: dnxcore50, >= netstandard13
      System.Resources.ResourceManager (>= 4.3) - framework: dnxcore50, >= netstandard13
      System.Runtime (>= 4.3) - framework: dnxcore50, netstandard10, >= netstandard13
      System.Runtime.Extensions (>= 4.3) - framework: dnxcore50, >= netstandard13
      System.Text.Encoding (>= 4.3) - framework: dnxcore50, >= netstandard13
      System.Threading (>= 4.3) - framework: dnxcore50, >= netstandard13
      System.Xml.ReaderWriter (>= 4.3) - framework: dnxcore50, netstandard10, >= netstandard13
    System.Xml.XmlDocument (4.3) - framework: >= netstandard13
      System.Collections (>= 4.3) - framework: >= netstandard13
      System.Diagnostics.Debug (>= 4.3) - framework: >= netstandard13
      System.Globalization (>= 4.3) - framework: >= netstandard13
      System.IO (>= 4.3) - framework: >= netstandard13
      System.Resources.ResourceManager (>= 4.3) - framework: >= netstandard13
      System.Runtime (>= 4.3) - framework: >= netstandard13
      System.Runtime.Extensions (>= 4.3) - framework: >= netstandard13
      System.Text.Encoding (>= 4.3) - framework: >= netstandard13
      System.Threading (>= 4.3) - framework: >= netstandard13
      System.Xml.ReaderWriter (>= 4.3) - framework: >= netstandard13
    System.Xml.XmlSerializer (4.3) - framework: >= netstandard13
      System.Collections (>= 4.3) - framework: dnxcore50, >= netstandard13
      System.Globalization (>= 4.3) - framework: dnxcore50, >= netstandard13
      System.IO (>= 4.3) - framework: dnxcore50, netstandard10, >= netstandard13
      System.Linq (>= 4.3) - framework: dnxcore50, >= netstandard13
      System.Reflection (>= 4.3) - framework: dnxcore50, >= netstandard13
      System.Reflection.Emit (>= 4.3) - framework: dnxcore50, >= netstandard13
      System.Reflection.Emit.ILGeneration (>= 4.3) - framework: dnxcore50, >= netstandard13
      System.Reflection.Extensions (>= 4.3) - framework: dnxcore50, >= netstandard13
      System.Reflection.Primitives (>= 4.3) - framework: dnxcore50, >= netstandard13
      System.Reflection.TypeExtensions (>= 4.3) - framework: dnxcore50, >= netstandard13
      System.Resources.ResourceManager (>= 4.3) - framework: dnxcore50, >= netstandard13
      System.Runtime (>= 4.3) - framework: dnxcore50, netstandard10, >= netstandard13
      System.Runtime.Extensions (>= 4.3) - framework: dnxcore50, >= netstandard13
      System.Text.RegularExpressions (>= 4.3) - framework: dnxcore50, >= netstandard13
      System.Threading (>= 4.3) - framework: dnxcore50, >= netstandard13
      System.Xml.ReaderWriter (>= 4.3) - framework: dnxcore50, netstandard10, >= netstandard13
      System.Xml.XmlDocument (>= 4.3) - framework: dnxcore50, >= netstandard13
    WebSharper (4.0.192.106)
    WebSharper.Formlets (3.6.4.71)
      IntelliFactory.Reactive (>= 3.6.4.65)
      WebSharper (>= 3.6.6.225)
      WebSharper.Html (>= 3.6.5.16)
    WebSharper.Forms (4.0.12.81)
      WebSharper (>= 4.0.192.106)
      WebSharper.UI.Next (>= 4.0.10.92)
    WebSharper.Html (3.6.5.16)
      IntelliFactory.Xml
      WebSharper (>= 3.6.6.225)
    WebSharper.Owin (3.6.3.118)
      Microsoft.Owin (>= 3.0.1)
      Owin (>= 1.0)
      WebSharper (>= 3.6.6.225)
    WebSharper.Owin.WebSocket (3.6.4.43)
      CommonServiceLocator (>= 1.3)
      Microsoft.Owin (>= 3.0.1)
      Owin (>= 1.0)
      WebSharper (>= 3.6.6.225)
      WebSharper.Owin (>= 3.6.3.118)
    WebSharper.Piglets (3.6.3.268)
      IntelliFactory.Reactive (>= 3.6.4.65)
      WebSharper (>= 3.6.6.225)
      WebSharper.Html (>= 3.6.5.16)
    WebSharper.Suave (3.6.3.26)
      Mono.Cecil (>= 0.9.6.1)
      Suave (>= 0.33)
      WebSharper (>= 3.6.6.225)
      WebSharper.Owin (>= 3.6.3.118)
    WebSharper.Templates (3.6.4.46)
      sharpcompress
    WebSharper.Testing (3.6.6.225)
      WebSharper (>= 3.6.6.225)
    WebSharper.UI.Next (4.0.10.92)
      WebSharper (>= 4.0.192.106)
    WebSharper.UI.Next.Formlets (4.0.12.76-alpha)
      WebSharper (>= 4.0.192.106)
      WebSharper.UI.Next (>= 4.0.10.92)
